PATH
  remote: .
  specs:
    study-encrypt (0.1.0)
      ecdsa (~> 1.2)

GEM
  remote: https://rubygems.org/
  specs:
    coderay (1.1.2)
    ecdsa (1.2.0)
    method_source (0.9.0)
    pry (0.11.3)
      coderay (~> 1.1.0)
      method_source (~> 0.9.0)
    rake (10.5.0)

PLATFORMS
  ruby

DEPENDENCIES
  bundler (~> 1.16)
  pry (~> 0.11)
  rake (~> 10.0)
  study-encrypt!

BUNDLED WITH
   1.16.1
